GEM
  remote: https://rubygems.org/
  specs:
    activemodel (5.2.2)
      activesupport (= 5.2.2)
    activerecord (5.2.2)
      activemodel (= 5.2.2)
      activesupport (= 5.2.2)
      arel (>= 9.0)
    activesupport (5.2.2)
      concurrent-ruby (~> 1.0, >= 1.0.2)
      i18n (>= 0.7, < 2)
      minitest (~> 5.1)
      tzinfo (~> 1.1)
    arel (9.0.0)
    awesome_print (1.8.0)
    bigdecimal (1.4.3)
    bson (4.4.2)
    concurrent-ruby (1.1.4)
    daemons (1.3.1)
    erubis (2.7.0)
    eventmachine (1.2.7)
    i18n (1.5.3)
      concurrent-ruby (~> 1.0)
    json (2.1.0)
    kgio (2.11.2)
    mini_portile2 (2.4.0)
    minitest (5.11.3)
    mongo (2.7.0)
      bson (>= 4.4.2, < 5.0.0)
    mongoid (7.0.2)
      activemodel (>= 5.1, < 6.0.0)
      mongo (>= 2.5.1, < 3.0.0)
    mustermann (1.0.3)
    mysql (2.9.1)
    nokogiri (1.10.1)
      mini_portile2 (~> 2.4.0)
    rack (2.0.6)
    rack-protection (2.0.5)
      rack
    raindrops (0.19.0)
    shotgun (0.9.2)
      rack (>= 1.0)
    sinatra (2.0.5)
      mustermann (~> 1.0)
      rack (~> 2.0)
      rack-protection (= 2.0.5)
      tilt (~> 2.0)
    thin (1.7.2)
      daemons (~> 1.0, >= 1.0.9)
      eventmachine (~> 1.0, >= 1.0.4)
      rack (>= 1, < 3)
    thread_safe (0.3.6)
    tilt (2.0.9)
    tzinfo (1.2.5)
      thread_safe (~> 0.1)
    unicorn (5.4.1)
      kgio (~> 2.6)
      raindrops (~> 0.7)

PLATFORMS
  ruby

DEPENDENCIES
  activerecord
  awesome_print
  bigdecimal
  erubis
  json
  mongoid
  mysql
  nokogiri
  raindrops
  shotgun
  sinatra
  thin
  unicorn

BUNDLED WITH
   1.16.1
